PATH
  remote: .
  specs:
    flog (2.5.3)
      ruby_parser (~> 2.3.1)
      sexp_processor (~> 3.0.8)

GEM
  specs:
    diff-lcs (1.1.3)
    guard (0.8.8)
      thor (~> 0.14.6)
    rspec (2.7.0)
      rspec-core (~> 2.7.0)
      rspec-expectations (~> 2.7.0)
      rspec-mocks (~> 2.7.0)
    rspec-core (2.7.1)
    rspec-expectations (2.7.0)
      diff-lcs (~> 1.1.2)
    rspec-mocks (2.7.0)
    ruby_parser (2.3.1)
      sexp_processor (~> 3.0)
    sexp_processor (3.0.8)
    thor (0.14.6)

PLATFORMS
  ruby

DEPENDENCIES
  flog!
  guard
  rspec
